NUGET
  remote: https://nuget.org/api/v2
  specs:
    Dynamitey (1.0.2)
    FSharp.Core (4.0.0.1)
    FSharp.Interop.Dynamic (3.0.0)
      Dynamitey (>= 1.0.2.0)
      FSharp.Core (>= 3.1.2.1)
    Microsoft.AspNet.Cors (5.2.3)
    Microsoft.AspNet.SignalR.Core (2.2.0)
      Microsoft.Owin (>= 2.1.0)
      Microsoft.Owin.Security (>= 2.1.0)
      Newtonsoft.Json (>= 6.0.4)
      Owin (>= 1.0)
    Microsoft.AspNet.SignalR.SelfHost (2.2.0)
      Microsoft.AspNet.SignalR.Core (>= 2.2.0)
      Microsoft.Owin.SelfHost (>= 2.1.0)
    Microsoft.Owin (3.0.1)
      Owin (>= 1.0)
    Microsoft.Owin.Cors (3.0.1)
      Microsoft.AspNet.Cors (>= 5.0.0)
      Microsoft.Owin (>= 3.0.1)
      Owin (>= 1.0)
    Microsoft.Owin.Diagnostics (3.0.1)
      Microsoft.Owin (>= 3.0.1)
      Owin (>= 1.0)
    Microsoft.Owin.FileSystems (3.0.1)
    Microsoft.Owin.Host.HttpListener (3.0.1)
    Microsoft.Owin.Hosting (3.0.1)
      Microsoft.Owin (>= 3.0.1)
      Owin (>= 1.0)
    Microsoft.Owin.Security (3.0.1)
      Microsoft.Owin (>= 3.0.1)
      Owin (>= 1.0)
    Microsoft.Owin.SelfHost (3.0.1)
      Microsoft.Owin (>= 3.0.1)
      Microsoft.Owin.Diagnostics (>= 3.0.1)
      Microsoft.Owin.Host.HttpListener (>= 3.0.1)
      Microsoft.Owin.Hosting (>= 3.0.1)
      Owin (>= 1.0)
    Microsoft.Owin.StaticFiles (3.0.1)
      Microsoft.Owin (>= 3.0.1)
      Microsoft.Owin.FileSystems (>= 3.0.1)
      Owin (>= 1.0)
    Newtonsoft.Json (7.0.1)
    Owin (1.0)
